GEM
  remote: https://rubygems.org/
  specs:
    byebug (9.0.6)
    mustermann (1.0.0)
    rack (2.0.1)
    rack-protection (2.0.0.rc2)
      rack
    sinatra (2.0.0.rc2)
      mustermann (= 1.0.0)
      rack (~> 2.0)
      rack-protection (= 2.0.0.rc2)
      tilt (~> 2.0)
    tilt (2.0.7)

PLATFORMS
  ruby

DEPENDENCIES
  byebug
  rack
  sinatra (~> 2.0.0.rc2)

BUNDLED WITH
   1.13.7
